PATH
  remote: .
  specs:
    hystrix-ruby (0.0.1)
      celluloid (~> 0.13.0)

PATH
  remote: vendor/red5/firefall
  specs:
    firefall (1.0.0)
      cassandra (~> 0.17.0)
      collectd
      gelf
      json (~> 1.6.8)
      memcached (~> 1.3.7)
      rest-client
      ruby-prof
      statsd-ruby

GEM
  remote: https://rubygems.org/
  specs:
    cassandra (0.17.0)
      json
      rake
      simple_uuid (~> 0.2.0)
      thrift_client (>= 0.7.0, < 0.9)
    celluloid (0.13.0)
      timers (>= 1.0.0)
    collectd (0.0.15)
    diff-lcs (1.2.2)
    gelf (1.4.0)
      json
    json (1.6.8)
    memcached (1.3.7)
    mime-types (1.22)
    rake (10.0.4)
    rest-client (1.6.7)
      mime-types (>= 1.16)
    rspec (2.13.0)
      rspec-core (~> 2.13.0)
      rspec-expectations (~> 2.13.0)
      rspec-mocks (~> 2.13.0)
    rspec-core (2.13.1)
    rspec-expectations (2.13.0)
      diff-lcs (>= 1.1.3, < 2.0)
    rspec-mocks (2.13.0)
    ruby-prof (0.13.0)
    simple_uuid (0.2.0)
    statsd-ruby (1.2.0)
    thrift (0.8.0)
    thrift_client (0.8.4)
      thrift (~> 0.8.0)
    timers (1.1.0)

PLATFORMS
  ruby

DEPENDENCIES
  firefall!
  hystrix-ruby!
  rspec
