PATH
  remote: .
  specs:
    hystrix-ruby (0.0.1)
      celluloid (>= 0.13.0)

PATH
  remote: vendor/red5/firefall
  specs:
    firefall (1.0.0)
      gelf
      json (>= 1.6.8)
      memcached (~> 1.7.0)
      rest-client
      ruby-prof
      statsd-ruby

GEM
  remote: https://rubygems.org/
  remote: http://s-us-linbuild-1:9999/
  specs:
    celluloid (0.14.0)
      timers (>= 1.0.0)
    diff-lcs (1.2.2)
    gelf (1.4.0)
      json
    json (1.8.0)
    memcached (1.7.0)
    mime-types (1.24)
    multi_json (1.7.2)
    rake (10.0.4)
    rest-client (1.6.7)
      mime-types (>= 1.16)
    rspec (2.13.0)
      rspec-core (~> 2.13.0)
      rspec-expectations (~> 2.13.0)
      rspec-mocks (~> 2.13.0)
    rspec-core (2.13.1)
    rspec-expectations (2.13.0)
      diff-lcs (>= 1.1.3, < 2.0)
    rspec-mocks (2.13.0)
    ruby-prof (0.13.0)
    simplecov (0.7.1)
      multi_json (~> 1.0)
      simplecov-html (~> 0.7.1)
    simplecov-html (0.7.1)
    simplecov-rcov (0.2.3)
      simplecov (>= 0.4.1)
    statsd-ruby (1.2.1)
    timecop (0.6.1)
    timers (1.1.0)

PLATFORMS
  ruby

DEPENDENCIES
  firefall!
  hystrix-ruby!
  rake
  rspec
  simplecov-rcov
  timecop
