PATH
  remote: .
  specs:
    hystrix-ruby (0.0.1)
      celluloid (~> 0.13.0)

GEM
  remote: https://rubygems.org/
  specs:
    celluloid (0.13.0)
      timers (>= 1.0.0)
    diff-lcs (1.2.2)
    rspec (2.13.0)
      rspec-core (~> 2.13.0)
      rspec-expectations (~> 2.13.0)
      rspec-mocks (~> 2.13.0)
    rspec-core (2.13.1)
    rspec-expectations (2.13.0)
      diff-lcs (>= 1.1.3, < 2.0)
    rspec-mocks (2.13.0)
    timers (1.1.0)

PLATFORMS
  ruby

DEPENDENCIES
  hystrix-ruby!
  rspec
